PATH
  remote: .
  specs:
    network_interface (0.0.1)

GEM
  remote: https://rubygems.org/
  specs:
    rake (10.0.3)
    rake-compiler (0.8.3)
      rake

PLATFORMS
  ruby

DEPENDENCIES
  bundler (~> 1.3)
  network_interface!
  rake
  rake-compiler
